GEM
  remote: https://rubygems.org/
  specs:
    zeitwerk (2.6.0)

PLATFORMS
  ruby

DEPENDENCIES
  zeitwerk

BUNDLED WITH
   2.2.33
