PATH
  remote: vendor/pathgem
  specs:
    pathgem (1.0.0)

GEM
  remote: https://rubygems.org/
  specs:

PLATFORMS
  ruby

DEPENDENCIES
  pathgem!

BUNDLED WITH
   2.2.33
