PATH
  remote: ../first_pkg/vendor/pathgem
  specs:
    pathgem (1.0.0)

GEM
  remote: https://rubygems.org/
  specs:
    tilt (2.0.11)

PLATFORMS
  ruby

DEPENDENCIES
  pathgem (~> 1.0)!
  tilt

BUNDLED WITH
   2.3.26
