GEM
  remote: https://rubygems.org/
  specs:
    tilt (2.0.11)

PLATFORMS
  ruby

DEPENDENCIES
  tilt

BUNDLED WITH
   2.2.33
